GEM
  remote: https://rubygems.org/
  specs:
    byebug (11.1.3)
    crass (1.0.6)
    httparty (0.21.0)
      mini_mime (>= 1.0.0)
      multi_xml (>= 0.5.2)
    mini_mime (1.1.2)
    mini_portile2 (2.8.2)
    multi_xml (0.6.0)
    nokogiri (1.15.2)
      mini_portile2 (~> 2.8.2)
      racc (~> 1.4)
    parallel (1.23.0)
    phonelib (0.8.3)
    racc (1.7.1)
    sanitize (6.1.0)
      crass (~> 1.0.2)
      nokogiri (>= 1.12.0)

PLATFORMS
  ruby

DEPENDENCIES
  byebug
  httparty
  nokogiri
  parallel
  phonelib
  sanitize

BUNDLED WITH
   2.1.4
