GEM
  remote: https://rubygems.org/
  specs:
    httparty (0.21.0)
      mini_mime (>= 1.0.0)
      multi_xml (>= 0.5.2)
    mini_mime (1.1.2)
    mini_portile2 (2.8.2)
    multi_xml (0.6.0)
    nokogiri (1.15.2)
      mini_portile2 (~> 2.8.2)
      racc (~> 1.4)
    parallel (1.23.0)
    racc (1.7.1)

PLATFORMS
  ruby

DEPENDENCIES
  httparty
  nokogiri
  parallel

BUNDLED WITH
   2.1.4
